GEM
  remote: http://rubygems.org/
  specs:
    diff-lcs (1.1.3)
    haml (3.1.2)
    json (1.4.6)
    rack (1.3.4)
    rack-test (0.6.0)
      rack (>= 1.0)
    rspec (2.6.0)
      rspec-core (~> 2.6.0)
      rspec-expectations (~> 2.6.0)
      rspec-mocks (~> 2.6.0)
    rspec-core (2.6.4)
    rspec-expectations (2.6.0)
      diff-lcs (~> 1.1.2)
    rspec-mocks (2.6.0)
    shotgun (0.9)
      rack (>= 1.0)
    sinatra (1.2.6)
      rack (~> 1.1)
      tilt (>= 1.2.2, < 2.0)
    sinatra-respond_to (0.7.0)
      sinatra (~> 1.2)
    tilt (1.3.3)
    wirble (0.1.3)

PLATFORMS
  ruby

DEPENDENCIES
  haml (= 3.1.2)
  json (= 1.4.6)
  rack-test (= 0.6.0)
  rspec (= 2.6.0)
  shotgun
  sinatra (= 1.2.6)
  sinatra-respond_to (= 0.7.0)
  wirble
